GEM
  remote: https://rubygems.org/
  specs:
    byebug (11.0.1)
    coderay (1.1.2)
    digest-crc (0.4.1)
    method_source (0.9.2)
    pry (0.12.2)
      coderay (~> 1.1.0)
      method_source (~> 0.9.0)
    pry-byebug (3.7.0)
      byebug (~> 11.0)
      pry (~> 0.10)
    ruby-kafka (0.7.8)
      digest-crc

PLATFORMS
  ruby

DEPENDENCIES
  pry-byebug
  ruby-kafka

BUNDLED WITH
   2.0.1
